ObjectType = Image
NDims = 3
BinaryData = True
BinaryDataByteOrderMSB = False
CompressedData = False
TransformMatrix = 0.585938 0 0 0 0.585938 0 0 0 1
Offset = 14.076 14.763 242
CenterOfRotation = 0 0 0
AnatomicalOrientation = RAI
ElementSpacing = 6.3 5.755 5.429
DimSize = 28 28 28
ElementType = MET_SHORT
ElementDataFile = liver-orig-resamp015.raw
