ObjectType = Image
NDims = 3
BinaryData = True
BinaryDataByteOrderMSB = False
CompressedData = False
TransformMatrix = 0.708984 0 0 0 0.708984 0 0 0 1
Offset = 30.159 55.795 54
CenterOfRotation = 0 0 0
AnatomicalOrientation = RAI
ElementSpacing = 7.166 7.166 5.25
DimSize = 28 28 28
ElementType = MET_SHORT
ElementDataFile = liver-orig-resamp004.raw
