ObjectType = Image
NDims = 3
BinaryData = True
BinaryDataByteOrderMSB = False
CompressedData = False
TransformMatrix = 0.74219 0 0 0 0.74219 0 0 0 1.5
Offset = 29.195 40.212 130.5
CenterOfRotation = 0 0 0
AnatomicalOrientation = RAI
ElementSpacing = 7.632 7.552 6
DimSize = 28 28 28
ElementType = MET_SHORT
ElementDataFile = liver-orig-resamp001.raw
