ObjectType = Image
NDims = 3
BinaryData = True
BinaryDataByteOrderMSB = False
CompressedData = False
TransformMatrix = 0.58594 0 0 0 0.58594 0 0 0 1
Offset = 15.106 46.349 200
CenterOfRotation = 0 0 0
AnatomicalOrientation = RAI
ElementSpacing = 7.785 5.504 6.464
DimSize = 28 28 28
ElementType = MET_SHORT
ElementDataFile = liver-orig-resamp011.raw
