ObjectType = Image
NDims = 3
BinaryData = True
BinaryDataByteOrderMSB = False
CompressedData = False
TransformMatrix = 0.759766 0 0 0 0.759766 0 0 0 3
Offset = 31.748 44.448 90
CenterOfRotation = 0 0 0
AnatomicalOrientation = RAI
ElementSpacing = 7.573 7.03 6.964
DimSize = 28 28 28
ElementType = MET_SHORT
ElementDataFile = liver-seg-resamp003.raw
