ObjectType = Image
NDims = 3
BinaryData = True
BinaryDataByteOrderMSB = False
CompressedData = False
TransformMatrix = 0.699219 0 0 0 0.699219 0 0 0 1
Offset = 26.89 58.18 40
CenterOfRotation = 0 0 0
AnatomicalOrientation = RAI
ElementSpacing = 6.94 6.74 6.429
DimSize = 28 28 28
ElementType = MET_SHORT
ElementDataFile = liver-seg-resamp012.raw
