ObjectType = Image
NDims = 3
BinaryData = True
BinaryDataByteOrderMSB = False
CompressedData = False
TransformMatrix = 0.71875 0 0 0 0.71875 0 0 0 5
Offset = 24.28 56.826 1050
CenterOfRotation = 0 0 0
AnatomicalOrientation = RAI
ElementSpacing = 5.444 7.036 7.5
DimSize = 28 28 28
ElementType = MET_SHORT
ElementDataFile = liver-seg-resamp014.raw
