ObjectType = Image
NDims = 3
BinaryData = True
BinaryDataByteOrderMSB = False
CompressedData = False
TransformMatrix = 0.74219 0 0 0 0.74219 0 0 0 1.5
Offset = 25.339 58.39 6.75
CenterOfRotation = 0 0 0
AnatomicalOrientation = RAI
ElementSpacing = 8.321 7.791 7.821
DimSize = 28 28 28
ElementType = MET_SHORT
ElementDataFile = liver-seg-resamp016.raw
